PATH
  remote: .
  specs:
    codemeta (1.0.0.beta.1)
      cff (~> 1.0, >= 1.0.1)

GEM
  remote: https://rubygems.org/
  specs:
    cff (1.0.1)
      json_schema (~> 0.20.4)
      language_list (~> 1.2.1)
    json_schema (0.20.9)
    language_list (1.2.1)

PLATFORMS
  arm64-darwin-21

DEPENDENCIES
  codemeta!

BUNDLED WITH
   2.3.16
