PATH
  remote: .
  specs:
    codemeta (1.0.0.beta.1)
      cff (~> 1.0, >= 1.0.1)
      schema_dot_org (~> 1.7, >= 1.7.1)
      sorbet-runtime (>= 0.5.5890)

GEM
  remote: https://rubygems.org/
  specs:
    activemodel (7.0.4)
      activesupport (= 7.0.4)
    activesupport (7.0.4)
      concurrent-ruby (~> 1.0, >= 1.0.2)
      i18n (>= 1.6, < 2)
      minitest (>= 5.1)
      tzinfo (~> 2.0)
    ast (2.4.2)
    cff (1.0.1)
      json_schema (~> 0.20.4)
      language_list (~> 1.2.1)
    concurrent-ruby (1.1.10)
    diff-lcs (1.5.0)
    docile (1.4.0)
    i18n (1.12.0)
      concurrent-ruby (~> 1.0)
    json (2.6.3)
    json_schema (0.20.9)
    language_list (1.2.1)
    minitest (5.16.3)
    parallel (1.22.1)
    parser (3.1.3.0)
      ast (~> 2.4.1)
    rainbow (3.1.1)
    rake (13.0.6)
    regexp_parser (2.6.1)
    rexml (3.2.5)
    rspec (3.12.0)
      rspec-core (~> 3.12.0)
      rspec-expectations (~> 3.12.0)
      rspec-mocks (~> 3.12.0)
    rspec-core (3.12.0)
      rspec-support (~> 3.12.0)
    rspec-expectations (3.12.0)
      diff-lcs (>= 1.2.0, < 2.0)
      rspec-support (~> 3.12.0)
    rspec-mocks (3.12.1)
      diff-lcs (>= 1.2.0, < 2.0)
      rspec-support (~> 3.12.0)
    rspec-support (3.12.0)
    rubocop (1.40.0)
      json (~> 2.3)
      parallel (~> 1.10)
      parser (>= 3.1.2.1)
      rainbow (>= 2.2.2, < 4.0)
      regexp_parser (>= 1.8, < 3.0)
      rexml (>= 3.2.5, < 4.0)
      rubocop-ast (>= 1.23.0, < 2.0)
      ruby-progressbar (~> 1.7)
      unicode-display_width (>= 1.4.0, < 3.0)
    rubocop-ast (1.24.0)
      parser (>= 3.1.1.0)
    rubocop-performance (1.15.1)
      rubocop (>= 1.7.0, < 2.0)
      rubocop-ast (>= 0.4.0)
    rubocop-rspec (2.16.0)
      rubocop (~> 1.33)
    ruby-progressbar (1.11.0)
    schema_dot_org (1.7.1)
      sorbet-runtime (>= 0.5.5890)
      validated_object (~> 2.1)
    simplecov (0.21.2)
      docile (~> 1.1)
      simplecov-html (~> 0.11)
      simplecov_json_formatter (~> 0.1)
    simplecov-html (0.12.3)
    simplecov_json_formatter (0.1.4)
    sorbet (0.5.10588)
      sorbet-static (= 0.5.10588)
    sorbet-runtime (0.5.10588)
    sorbet-static (0.5.10588-universal-darwin-21)
    tzinfo (2.0.5)
      concurrent-ruby (~> 1.0)
    unicode-display_width (2.3.0)
    validated_object (2.1.0)
      activemodel (>= 3.2.21)
      sorbet-runtime (>= 0.5.5890)

PLATFORMS
  arm64-darwin-21

DEPENDENCIES
  bundler (~> 2)
  codemeta!
  rake (>= 12.3.3)
  rspec (~> 3.4)
  rubocop (~> 1.40)
  rubocop-performance (~> 1.15)
  rubocop-rspec (~> 2.13)
  simplecov (= 0.21.2)
  simplecov_json_formatter (~> 0.1.2)
  sorbet (>= 0.5.5890)

BUNDLED WITH
   2.3.16
